PATH
  remote: .
  specs:
    large-hadron-migrator (0.2.1)
      activerecord (= 3.0.11)
      activesupport (= 3.0.11)

GEM
  remote: http://rubygems.org/
  specs:
    activemodel (3.0.11)
      activesupport (= 3.0.11)
      builder (~> 2.1.2)
      i18n (~> 0.5.0)
    activerecord (3.0.11)
      activemodel (= 3.0.11)
      activesupport (= 3.0.11)
      arel (~> 2.0.10)
      tzinfo (~> 0.3.23)
    activesupport (3.0.11)
    arel (2.0.10)
    builder (2.1.2)
    i18n (0.5.0)
    mysql2 (0.2.7)
    rake (0.8.7)
    rspec (1.3.1)
    tzinfo (0.3.31)

PLATFORMS
  ruby

DEPENDENCIES
  large-hadron-migrator!
  mysql2 (= 0.2.7)
  rake
  rspec (= 1.3.1)
